GEM
  remote: https://rubygems.org/
  specs:

PLATFORMS
  ruby
  x64-mingw32

DEPENDENCIES

BUNDLED WITH
   1.17.3
